GIT
  remote: git://github.com/hidat/ruby-echonest.git
  revision: b62efe4526f3fdb4729b8ac6a48c2ff1908379e1
  specs:
    hidat-ruby-echonest (0.1.3.2)
      hashie
      httpclient
      libxml-ruby

GEM
  remote: https://rubygems.org/
  specs:
    coderay (1.0.8)
    hashie (1.2.0)
    httpclient (2.3.0.1)
    kgio (2.7.4)
    libxml-ruby (2.4.0)
    method_source (0.8.1)
    pry (0.9.10)
      coderay (~> 1.0.5)
      method_source (~> 0.8)
      slop (~> 3.3.1)
    rack (1.4.1)
    rack-protection (1.2.0)
      rack
    raindrops (0.10.0)
    sinatra (1.3.3)
      rack (~> 1.3, >= 1.3.6)
      rack-protection (~> 1.2)
      tilt (~> 1.3, >= 1.3.3)
    slop (3.3.3)
    tilt (1.3.3)
    unicorn (4.3.1)
      kgio (~> 2.6)
      rack
      raindrops (~> 0.7)

PLATFORMS
  ruby

DEPENDENCIES
  hidat-ruby-echonest!
  pry
  sinatra
  unicorn
